GEM
  remote: http://rubygems.org/
  specs:
    backports (2.3.0)
    eventmachine (0.12.10)
    gmail_xoauth (0.3.0)
      oauth (>= 0.3.6)
    oauth (0.4.5)
    rack (1.4.0)
    rack-protection (1.2.0)
      rack
    rack-test (0.6.1)
      rack (>= 1.0)
    sinatra (1.3.2)
      rack (~> 1.3, >= 1.3.6)
      rack-protection (~> 1.2)
      tilt (~> 1.3, >= 1.3.3)
    sinatra-contrib (1.3.1)
      backports (>= 2.0)
      eventmachine
      rack-protection
      rack-test
      sinatra (~> 1.3.0)
      tilt (~> 1.3)
    tilt (1.3.3)

PLATFORMS
  ruby

DEPENDENCIES
  gmail_xoauth
  oauth (~> 0.4.5)
  sinatra
  sinatra-contrib
